GEM
  remote: http://rubygems.org/
  specs:
    bson (4.3.0)
    bson_ext (1.5.1)
    json (2.1.0)
    mongo (2.5.3)
      bson (>= 4.3.0, < 5.0.0)
    mustermann (1.0.2)
    rack (2.0.5)
    rack-protection (2.0.3)
      rack
    sinatra (2.0.3)
      mustermann (~> 1.0)
      rack (~> 2.0)
      rack-protection (= 2.0.3)
      tilt (~> 2.0)
    tilt (2.0.8)

PLATFORMS
  ruby

DEPENDENCIES
  bson_ext
  json (>= 2.1.0)
  mongo
  sinatra

BUNDLED WITH
   1.16.2
